GEM
  remote: https://rubygems.org/
  specs:
    mini_portile2 (2.1.0)
    minitest (5.10.1)
    nokogiri (1.7.0.1)
      mini_portile2 (~> 2.1.0)
    rake (12.0.0)
    redis (3.3.3)
    rubyzip (1.2.1)

PLATFORMS
  ruby

DEPENDENCIES
  minitest (= 5.10.1)
  nokogiri (= 1.7.0.1)
  rake (= 12.0.0)
  redis (= 3.3.3)
  rubyzip (= 1.2.1)

BUNDLED WITH
   1.14.5
